PATH
  remote: .
  specs:
    delphivm (1.1.0)
      bundler
      dnote
      json
      mini_portile
      nokogiri
      ruby-progressbar
      rubyzip
      thor
      version_info

GEM
  remote: http://rubygems.org/
  specs:
    dnote (1.7.1)
    json (1.8.1)
    mini_portile (0.5.2)
    nokogiri (1.6.1-x86-mingw32)
      mini_portile (~> 0.5.0)
    rake (10.1.0)
    ruby-progressbar (1.4.1)
    rubyzip (1.1.0)
    thor (0.18.1)
    version_info (1.9.0)

PLATFORMS
  x86-mingw32

DEPENDENCIES
  delphivm!
  dnote
  rake
