GEM
  remote: http://rubygems.org/
  specs:
    dnote (1.7.1)
    json (1.8.0)
    mini_portile (0.5.1)
    nokogiri (1.6.0-x86-mingw32)
      mini_portile (~> 0.5.0)
    ocra (1.3.1)
    ruby-progressbar (1.0.2)
    rubyzip (0.9.9)
    thor (0.18.1)
    version_info (1.8.0)

PLATFORMS
  x86-mingw32

DEPENDENCIES
  dnote
  json
  nokogiri
  ocra
  ruby-progressbar
  rubyzip
  thor
  version_info
