GEM
  remote: http://rubygems.org/
  specs:
    dnote (1.7.1)
    json (1.8.1)
    mini_portile (0.6.0)
    minitest (5.4.2)
    minitest-rg (5.1.0)
      minitest (~> 5.0)
    nokogiri (1.6.3.1)
      mini_portile (= 0.6.0)
    nokogiri (1.6.3.1-x86-mingw32)
      mini_portile (= 0.6.0)
    ocra (1.3.3)
    psych (2.0.6)
    rake (10.3.2)
    ruby-progressbar (1.6.0)
    rubyzip (1.1.6)
    thor (0.19.1)
    version_info (1.9.0)

PLATFORMS
  ruby
  x86-mingw32

DEPENDENCIES
  dnote
  json
  mini_portile
  minitest
  minitest-rg
  nokogiri (>= 1.6.3.1)
  ocra
  psych
  rake
  ruby-progressbar
  rubyzip (>= 1.0.0)
  thor
  version_info
