GEM
  remote: http://rubygems.org/
  specs:
    rubyzip (0.9.6.1)
    thor (0.14.6)
    version_info (1.7.2)

PLATFORMS
  x86-mingw32

DEPENDENCIES
  rubyzip
  thor
  version_info
