GEM
  remote: http://rubygems.org/
  specs:
    dnote (1.7.1)
    nokogiri (1.5.9-x86-mingw32)
    ocra (1.3.1)
    ruby-progressbar (1.0.2)
    rubyzip (0.9.9)
    thor (0.18.1)
    version_info (1.7.6)

PLATFORMS
  x86-mingw32

DEPENDENCIES
  dnote
  nokogiri
  ocra
  ruby-progressbar
  rubyzip
  thor
  version_info
