PATH
  remote: .
  specs:
    delphivm (2.0.2)
      bundler
      dnote
      json
      mini_portile
      nokogiri (>= 1.6.3.1)
      psych
      ruby-progressbar
      rubyzip (>= 1.0.0)
      thor
      version_info

GEM
  remote: http://rubygems.org/
  specs:
    dnote (1.7.1)
    json (1.8.1)
    mini_portile (0.6.0)
    minitest (5.4.2)
    minitest-rg (5.1.0)
      minitest (~> 5.0)
    nokogiri (1.6.3.1-x86-mingw32)
      mini_portile (= 0.6.0)
    ocra (1.3.2)
    psych (2.0.6)
    rake (10.3.2)
    ruby-progressbar (1.6.0)
    rubyzip (1.1.6)
    thor (0.19.1)
    version_info (1.9.0)

PLATFORMS
  ruby
  x86-mingw32

DEPENDENCIES
  delphivm!
  minitest
  minitest-rg
  ocra
  rake
