GEM
  remote: http://rubygems.org/
  specs:
    ruby-progressbar (0.0.10)
    rubyzip (0.9.6.1)
    thor (0.14.6)
    version_info (1.7.2)

PLATFORMS
  x86-mingw32

DEPENDENCIES
  ruby-progressbar
  rubyzip
  thor
  version_info
